GEM
  remote: https://rubygems.org/
  specs:
    jekyll (4.3.2)

PLATFORMS
  ruby

DEPENDENCIES
  jekyll (~> 4.3.2)

BUNDLED WITH
   2.3.26
